GEM
  remote: https://rubygems.org/
  specs:
    coderay (1.1.2)
    date (3.0.0)
    json (2.3.0)
    method_source (1.0.0)
    minitest (5.14.0)
    pry (0.13.0)
      coderay (~> 1.1)
      method_source (~> 1.0)
    rubycop (1.0.1)

PLATFORMS
  ruby

DEPENDENCIES
  date
  json
  minitest
  pry
  rubycop

RUBY VERSION
   ruby 2.6.3p62

BUNDLED WITH
   2.1.4
